PATH
  remote: .
  specs:
    json_to_table (0.1.0)
      thor

GEM
  remote: https://rubygems.org/
  specs:
    minitest (5.15.0)
    rake (10.5.0)
    thor (1.2.1)

PLATFORMS
  ruby

DEPENDENCIES
  bundler (~> 1.17)
  json_to_table!
  minitest (~> 5.0)
  rake (~> 10.0)

BUNDLED WITH
   1.17.2
