PATH
  remote: .
  specs:
    json_to_table (0.1.0)
      terminal-table
      thor
      tty-prompt

GEM
  remote: https://rubygems.org/
  specs:
    minitest (5.15.0)
    pastel (0.8.0)
      tty-color (~> 0.5)
    rake (10.5.0)
    terminal-table (3.0.2)
      unicode-display_width (>= 1.1.1, < 3)
    thor (1.2.1)
    tty-color (0.6.0)
    tty-cursor (0.7.1)
    tty-prompt (0.23.1)
      pastel (~> 0.8)
      tty-reader (~> 0.8)
    tty-reader (0.9.0)
      tty-cursor (~> 0.7)
      tty-screen (~> 0.8)
      wisper (~> 2.0)
    tty-screen (0.8.1)
    unicode-display_width (2.1.0)
    wisper (2.0.1)

PLATFORMS
  ruby

DEPENDENCIES
  bundler (~> 1.17)
  json_to_table!
  minitest (~> 5.0)
  rake (~> 10.0)

BUNDLED WITH
   1.17.2
